GEM
  remote: https://rubygems.org/
  specs:
    Commatose (0.0.1)
    cli-colorize (2.0.0)
    coderay (1.1.3)
    httparty (0.18.1)
      mime-types (~> 3.0)
      multi_xml (>= 0.5.2)
    io-console (0.4.9)
    method_source (1.0.0)
    mime-types (3.3.1)
      mime-types-data (~> 3.2015)
    mime-types-data (3.2020.1104)
    multi_xml (0.6.0)
    pry (0.13.1)
      coderay (~> 1.1)
      method_source (~> 1.0)
    require_all (3.0.0)
    sqlite3 (1.4.2)
    terminal-table (3.0.0)
      unicode-display_width (~> 1.1, >= 1.1.1)
    unicode-display_width (1.7.0)

PLATFORMS
  x86_64-linux

DEPENDENCIES
  Commatose (~> 0.0.1)
  cli-colorize (~> 2.0)
  httparty
  io-console (~> 0.4.2)
  pry
  require_all
  sqlite3
  terminal-table

BUNDLED WITH
   2.2.4
